GEM
  remote: http://rubygems.org/
  specs:
    diff-lcs (1.1.2)
    iconv (1.0.4)
    mechanize (1.0.0)
      nokogiri (>= 1.2.1)
    nokogiri (1.4.4)
    rake (0.8.7)
    rspec (2.4.0)
      rspec-core (~> 2.4.0)
      rspec-expectations (~> 2.4.0)
      rspec-mocks (~> 2.4.0)
    rspec-core (2.4.0)
    rspec-expectations (2.4.0)
      diff-lcs (~> 1.1.2)
    rspec-mocks (2.4.0)

PLATFORMS
  ruby

DEPENDENCIES
  iconv (~> 1.0.3)
  mechanize (>= 1.0.0)
  nokogiri (>= 1.4.4)
  rake
  rspec (>= 2.4.0)
